GEM
  remote: https://rubygems.org/
  specs:
    rainbow (2.0.0)
    sass (3.4.19)
    scss_lint (0.38.0)
      rainbow (~> 2.0)
      sass (~> 3.4.1)
    scss_lint_reporter_checkstyle (0.2.0)

PLATFORMS
  ruby

DEPENDENCIES
  scss_lint (~> 0.38.0)
  scss_lint_reporter_checkstyle (~> 0.2.0)

BUNDLED WITH
   1.10.6
